GEM
  remote: http://rubygems.org/
  specs:
    rake (0.9.2.2)
    test-unit (2.5.2)

PLATFORMS
  ruby

DEPENDENCIES
  rake
  test-unit (= 2.5.2)
